GEM
  remote: http://rubygems.org/
  specs:
    actionmailer (2.2.2)
      actionpack (= 2.2.2)
    actionpack (2.2.2)
      activesupport (= 2.2.2)
    activerecord (2.2.2)
      activesupport (= 2.2.2)
    activeresource (2.2.2)
      activesupport (= 2.2.2)
    activesupport (2.2.2)
    chronic (0.3.0)
    columnize (0.3.2)
    comma (0.4.1)
      activesupport (>= 2.2.2)
    fastercsv (1.1.0)
    json (1.5.1)
    linecache (0.43)
    paperclip (2.3.1.1)
    rails (2.2.2)
      actionmailer (= 2.2.2)
      actionpack (= 2.2.2)
      activerecord (= 2.2.2)
      activeresource (= 2.2.2)
      activesupport (= 2.2.2)
      rake (>= 0.8.3)
    rake (0.8.7)
    rtf (0.1.0)
    ruby-debug (0.10.4)
      columnize (>= 0.1)
      ruby-debug-base (~> 0.10.4.0)
    ruby-debug-base (0.10.4)
      linecache (>= 0.3)
    sqlite3 (1.3.3)
    whenever (0.5.0)
      chronic (>= 0.2.3)

PLATFORMS
  ruby

DEPENDENCIES
  comma
  fastercsv (= 1.1)
  json
  paperclip (~> 2.3.1.1)
  rails (= 2.2.2)
  rtf
  ruby-debug
  sqlite3
  whenever
